GEM
  remote: https://rubygems.org/
  specs:
    ast (1.1.0)
    hashr (0.0.22)
    parser (2.1.2)
      ast (~> 1.1)
      slop (~> 3.4, >= 3.4.5)
    powerpack (0.0.9)
    rainbow (1.99.1)
    reek (1.3.6)
      ruby2ruby (~> 2.0.7)
      ruby_parser (~> 3.2)
      sexp_processor
    rubocop (0.16.0)
      parser (~> 2.1)
      powerpack (~> 0.0.6)
      rainbow (>= 1.1.4)
    ruby2ruby (2.0.7)
      ruby_parser (~> 3.1)
      sexp_processor (~> 4.0)
    ruby_parser (3.2.2)
      sexp_processor (~> 4.1)
    sexp_processor (4.4.1)
    slop (3.4.7)
    travis-lint (1.7.0)
      hashr (~> 0.0.22)

PLATFORMS
  ruby

DEPENDENCIES
  reek
  rubocop
  travis-lint
